NUGET
  remote: http://api.nuget.org/v3/index.json
    Chutzpah (4.2.1) - framework: >= net452
    CommonServiceLocator (1.3) - framework: >= net45
    CsvTools (1.0.8) - framework: >= net45
    CsvTools.Azure (1.0.2) - framework: >= net45
      CsvTools (>= 1.0.8)
      WindowsAzure.Storage (>= 1.7)
    FsCheck (2.5)
      FSharp.Core (>= 3.1.2.5)
    FSharp.Charting (0.90.12) - framework: >= net45
    FSharp.Collections.ParallelSeq (1.0.2) - framework: >= net452
    FSharp.Core (3.1.2.5)
    FSharp.Data (2.1)
      Zlib.Portable (>= 1.10) - framework: portable-net40+sl50+wp80+win80
    FSharpx.Collections.Experimental (1.8.22) - framework: >= net45
      FSharpx.Core (1.8.22)
    FSharpx.Core (1.8.22) - framework: >= net45
    FSharpx.Observable (1.8.22) - framework: >= net45
      FSharpx.Core (1.8.22)
    FSharpx.TypeProviders.Graph (1.8.23) - framework: >= net45
    jasmine.TypeScript.DefinitelyTyped (0.7.8) - framework: >= net452
    jasmine-jquery.TypeScript.DefinitelyTyped (0.5.3) - framework: >= net452
      jasmine.TypeScript.DefinitelyTyped
      jquery.TypeScript.DefinitelyTyped
    jasmine-js (1.3.1.1) - framework: >= net452
    jasmine-matchers.TypeScript.DefinitelyTyped (0.0.4) - framework: >= net452
      jasmine.TypeScript.DefinitelyTyped
    jQuery (2.1.4)
    jquery.TypeScript.DefinitelyTyped (2.1.9)
    jQuery.UI.Combined (1.11.4)
      jQuery (>= 1.6.4)
    jqueryui.TypeScript.DefinitelyTyped (0.3.6)
      jquery.TypeScript.DefinitelyTyped
    Microsoft.AspNet.Cors (5.2.3) - framework: >= net45
    Microsoft.AspNet.WebApi (5.2.3)
      Microsoft.AspNet.WebApi.WebHost (>= 5.2.3 < 5.3)
    Microsoft.AspNet.WebApi.Client (5.2.3)
      Microsoft.Net.Http (>= 2.2.22) - framework: portable-wp80+win+wp81+wpa81
      Newtonsoft.Json (>= 6.0.4) - framework: >= net45, portable-wp80+win+wp81+wpa81
    Microsoft.AspNet.WebApi.Core (5.2.3)
      Microsoft.AspNet.WebApi.Client (>= 5.2.3)
    Microsoft.AspNet.WebApi.Cors (5.2.3) - framework: >= net45
      Microsoft.AspNet.Cors (>= 5.2.3)
      Microsoft.AspNet.WebApi.Core (>= 5.2.3 < 5.3)
    Microsoft.AspNet.WebApi.Owin (5.2.3) - framework: >= net45
      Microsoft.AspNet.WebApi.Core (>= 5.2.3 < 5.3)
      Microsoft.Owin (>= 2.0.2)
      Owin (>= 1.0)
    Microsoft.AspNet.WebApi.WebHost (5.2.3)
      Microsoft.AspNet.WebApi.Core (>= 5.2.3 < 5.3)
    Microsoft.Azure.KeyVault.Core (1.0)
    Microsoft.Bcl (1.1.10) - framework: portable-wp80+win+wp81+wpa81
      Microsoft.Bcl.Build (>= 1.0.14)
    Microsoft.Bcl.Build (1.0.21) - import_targets: false, framework: portable-wp80+win+wp81+wpa81
    Microsoft.Data.Edm (5.7)
    Microsoft.Data.OData (5.7)
      Microsoft.Data.Edm (5.7)
      System.Spatial (5.7)
    Microsoft.Data.Services.Client (5.7)
      Microsoft.Data.OData (5.7)
    Microsoft.Net.Http (2.2.29) - framework: portable-wp80+win+wp81+wpa81
      Microsoft.Bcl (>= 1.1.10)
      Microsoft.Bcl.Build (>= 1.0.14)
    Microsoft.Owin (3.0) - framework: >= net45
      Owin (>= 1.0)
    Microsoft.Owin.Diagnostics (3.0) - framework: >= net45
      Microsoft.Owin (>= 3.0)
      Owin (>= 1.0)
    Microsoft.Owin.Host.HttpListener (3.0) - framework: >= net45
    Microsoft.Owin.Hosting (3.0) - framework: >= net45
      Microsoft.Owin (>= 3.0)
      Owin (>= 1.0)
    Microsoft.Owin.SelfHost (3.0) - framework: >= net45
      Microsoft.Owin (>= 3.0)
      Microsoft.Owin.Diagnostics (>= 3.0)
      Microsoft.Owin.Host.HttpListener (>= 3.0)
      Microsoft.Owin.Hosting (>= 3.0)
      Owin (>= 1.0)
    Microsoft.WindowsAzure.ConfigurationManager (3.1)
    MSBuild.Extension.Pack (1.3) - framework: >= net452
    Newtonsoft.Json (8.0.2)
    NUnit (2.6.4) - framework: >= net452
    NUnitTestAdapter (2.0) - framework: >= net452
    Owin (1.0) - framework: >= net45
    RxJS-Aggregates (4.0.7)
      RxJS-Main (>= 4.0.7)
    RxJS-Lite (4.0.7)
    RxJS-Main (4.0.7)
    SharpZipLib (0.86) - framework: >= sl50
    System.Spatial (5.7)
    Unity (4.0.1) - framework: >= net45
      CommonServiceLocator (>= 1.3)
    WindowsAzure.Storage (6.1)
      Microsoft.Azure.KeyVault.Core (>= 1.0) - framework: >= net40, wpv8.0
      Microsoft.Data.OData (>= 5.6.4) - framework: >= net40, winv4.5, wpv8.0, wpav8.1
      Microsoft.Data.Services.Client (>= 5.6.4) - framework: >= net40
      Newtonsoft.Json (>= 6.0.8) - framework: >= net40, winv4.5, wpv8.0, wpav8.1
    Zlib.Portable (1.11) - framework: portable-net40+sl50+wp80+win80
